GEM
  remote: http://rubygems.org/
  specs:
    addressable (2.2.6)
    aws-s3 (0.6.2)
      builder
      mime-types
      xml-simple
    bson (1.4.0)
    bson_ext (1.4.0)
    builder (3.0.0)
    data_objects (0.10.7)
      addressable (~> 2.1)
    dm-core (1.2.0)
      addressable (~> 2.2.6)
    dm-do-adapter (1.2.0)
      data_objects (~> 0.10.6)
      dm-core (~> 1.2.0)
    dm-migrations (1.2.0)
      dm-core (~> 1.2.0)
    dm-postgres-adapter (1.2.0)
      dm-do-adapter (~> 1.2.0)
      do_postgres (~> 0.10.6)
    dm-sqlite-adapter (1.2.0)
      dm-do-adapter (~> 1.2.0)
      do_sqlite3 (~> 0.10.6)
    do_postgres (0.10.7)
      data_objects (= 0.10.7)
    do_sqlite3 (0.10.7)
      data_objects (= 0.10.7)
    dragonfly (0.9.8)
      rack
    emk-sinatra-url-for (0.2.1)
      sinatra (>= 0.9.1.1)
    json (1.6.1)
    mime-types (1.17.2)
    mongo (1.4.0)
      bson (= 1.4.0)
    rack (1.3.5)
    rack-cache (1.1)
      rack (>= 0.4)
    rack-protection (1.1.4)
      rack
    sass (3.1.10)
    sinatra (1.3.1)
      rack (~> 1.3, >= 1.3.4)
      rack-protection (~> 1.1, >= 1.1.2)
      tilt (~> 1.3, >= 1.3.3)
    tilt (1.3.3)
    xml-simple (1.1.1)

PLATFORMS
  ruby

DEPENDENCIES
  aws-s3
  bson_ext
  dm-core
  dm-migrations
  dm-postgres-adapter
  dm-sqlite-adapter
  dragonfly (~> 0.9.8)
  emk-sinatra-url-for
  json
  mongo
  rack-cache
  sass
  sinatra
